PATH
  remote: .
  specs:
    sidekiq-addons (0.1.0)

GEM
  remote: https://rubygems.org/
  specs:
    byebug (6.0.2)
    celluloid (0.15.2)
      timers (~> 1.1.0)
    connection_pool (2.2.0)
    diff-lcs (1.2.5)
    json (1.8.3)
    rake (10.5.0)
    redis (3.2.1)
    redis-namespace (1.5.2)
      redis (~> 3.0, >= 3.0.4)
    rspec (3.2.0)
      rspec-core (~> 3.2.0)
      rspec-expectations (~> 3.2.0)
      rspec-mocks (~> 3.2.0)
    rspec-core (3.2.1)
      rspec-support (~> 3.2.0)
    rspec-expectations (3.2.0)
      diff-lcs (>= 1.2.0, < 2.0)
      rspec-support (~> 3.2.0)
    rspec-mocks (3.2.1)
      diff-lcs (>= 1.2.0, < 2.0)
      rspec-support (~> 3.2.0)
    rspec-support (3.2.2)
    sidekiq (3.2.6)
      celluloid (= 0.15.2)
      connection_pool (>= 2.0.0)
      json
      redis (>= 3.0.6)
      redis-namespace (>= 1.3.1)
    timers (1.1.0)

PLATFORMS
  ruby

DEPENDENCIES
  bundler (~> 1.12)
  byebug (~> 6.0)
  rake (~> 10.0)
  rspec (~> 3.0)
  sidekiq (~> 3.2)
  sidekiq-addons!

BUNDLED WITH
   1.12.5
